GEM
  remote: https://rubygems.org/
  specs:
    addressable (2.3.6)
    compose_url (0.1.3)
      addressable (= 2.3.6)
    domainatrix (0.0.11)
      addressable
    json (1.8.1)

PLATFORMS
  ruby

DEPENDENCIES
  compose_url
  domainatrix
  json
